GEM
  remote: https://rubygems.org/
  specs:
    async (2.5.0)
      console (~> 1.10)
      io-event (~> 1.1)
      timers (~> 4.1)
    base58 (0.2.3)
    blake2b_rs (0.1.4)
      ffi (~> 1.0)
      thermite (~> 0)
    bson (4.15.0)
    console (1.16.2)
      fiber-local
    dotenv (2.8.1)
    eth (0.5.10)
      keccak (~> 1.3)
      konstructor (~> 1.0)
      openssl (>= 2.2, < 4.0)
      rbsecp256k1 (~> 5.1)
      scrypt (~> 3.0)
    ffi (1.15.5)
    ffi-compiler (1.0.1)
      ffi (>= 1.0.0)
      rake
    fiber-local (1.0.0)
    io-event (1.1.7)
    keccak (1.3.1)
    konstructor (1.0.2)
    mini_portile2 (2.8.1)
    minitar (0.9)
    mongo (2.18.2)
      bson (>= 4.14.1, < 5.0.0)
    mustermann (3.0.0)
      ruby2_keywords (~> 0.0.1)
    nio4r (2.5.9)
    openssl (3.0.0)
    pkg-config (1.5.1)
    puma (6.2.1)
      nio4r (~> 2.0)
    rack (2.2.6.4)
    rack-protection (3.0.5)
      rack
    rake (13.0.6)
    rbsecp256k1 (5.1.1)
      mini_portile2 (~> 2.8)
      pkg-config (~> 1.5)
      rubyzip (~> 2.3)
    ruby2_keywords (0.0.5)
    rubyzip (2.3.2)
    scale_rb (0.1.9)
      base58
      blake2b_rs (~> 0.1.4)
      xxhash
    scrypt (3.0.7)
      ffi-compiler (>= 1.0, < 2.0)
    sinatra (3.0.5)
      mustermann (~> 3.0)
      rack (~> 2.2, >= 2.2.4)
      rack-protection (= 3.0.5)
      tilt (~> 2.0)
    thermite (0.13.0)
      minitar (~> 0.5)
      rake (>= 10)
      tomlrb (~> 1.2)
    tilt (2.1.0)
    timers (4.3.5)
    tomlrb (1.3.0)
    xxhash (0.5.0)

PLATFORMS
  arm64-darwin-21
  ruby

DEPENDENCIES
  async (~> 2.5)
  dotenv
  eth
  mongo (~> 2)
  puma
  scale_rb (= 0.1.9)
  sinatra

BUNDLED WITH
   2.4.7
