GEM
  remote: https://rubygems.org/
  specs:
    async (2.5.0)
      console (~> 1.10)
      io-event (~> 1.1)
      timers (~> 4.1)
    base58 (0.2.3)
    blake2b_rs (0.1.4)
      ffi (~> 1.0)
      thermite (~> 0)
    bson (4.15.0)
    concurrent-ruby (1.2.2)
    config (4.1.0)
      deep_merge (~> 1.2, >= 1.2.1)
      dry-validation (~> 1.0, >= 1.0.0)
    console (1.16.2)
      fiber-local
    deep_merge (1.2.2)
    dotenv (2.8.1)
    dry-configurable (1.0.1)
      dry-core (~> 1.0, < 2)
      zeitwerk (~> 2.6)
    dry-core (1.0.0)
      concurrent-ruby (~> 1.0)
      zeitwerk (~> 2.6)
    dry-inflector (1.0.0)
    dry-initializer (3.1.1)
    dry-logic (1.5.0)
      concurrent-ruby (~> 1.0)
      dry-core (~> 1.0, < 2)
      zeitwerk (~> 2.6)
    dry-schema (1.13.1)
      concurrent-ruby (~> 1.0)
      dry-configurable (~> 1.0, >= 1.0.1)
      dry-core (~> 1.0, < 2)
      dry-initializer (~> 3.0)
      dry-logic (>= 1.4, < 2)
      dry-types (>= 1.7, < 2)
      zeitwerk (~> 2.6)
    dry-types (1.7.1)
      concurrent-ruby (~> 1.0)
      dry-core (~> 1.0)
      dry-inflector (~> 1.0)
      dry-logic (~> 1.4)
      zeitwerk (~> 2.6)
    dry-validation (1.10.0)
      concurrent-ruby (~> 1.0)
      dry-core (~> 1.0, < 2)
      dry-initializer (~> 3.0)
      dry-schema (>= 1.12, < 2)
      zeitwerk (~> 2.6)
    eth (0.5.10)
      keccak (~> 1.3)
      konstructor (~> 1.0)
      openssl (>= 2.2, < 4.0)
      rbsecp256k1 (~> 5.1)
      scrypt (~> 3.0)
    ffi (1.15.5)
    ffi-compiler (1.0.1)
      ffi (>= 1.0.0)
      rake
    fiber-local (1.0.0)
    io-event (1.1.7)
    keccak (1.3.1)
    konstructor (1.0.2)
    lightly (0.4.0)
    mini_portile2 (2.8.1)
    minitar (0.9)
    mongo (2.18.2)
      bson (>= 4.14.1, < 5.0.0)
    mustermann (3.0.0)
      ruby2_keywords (~> 0.0.1)
    nio4r (2.5.9)
    openssl (3.0.0)
    pkg-config (1.5.1)
    puma (6.2.1)
      nio4r (~> 2.0)
    rack (2.2.6.4)
    rack-protection (3.0.5)
      rack
    rake (13.0.6)
    rbsecp256k1 (5.1.1)
      mini_portile2 (~> 2.8)
      pkg-config (~> 1.5)
      rubyzip (~> 2.3)
    ruby2_keywords (0.0.5)
    rubyzip (2.3.2)
    scale_rb (0.1.13)
      base58
      blake2b_rs (~> 0.1.4)
      xxhash
    scrypt (3.0.7)
      ffi-compiler (>= 1.0, < 2.0)
    sinatra (3.0.5)
      mustermann (~> 3.0)
      rack (~> 2.2, >= 2.2.4)
      rack-protection (= 3.0.5)
      tilt (~> 2.0)
    thermite (0.13.0)
      minitar (~> 0.5)
      rake (>= 10)
      tomlrb (~> 1.2)
    tilt (2.1.0)
    timers (4.3.5)
    tomlrb (1.3.0)
    xxhash (0.5.0)
    zeitwerk (2.6.7)

PLATFORMS
  arm64-darwin-21
  ruby

DEPENDENCIES
  async (~> 2.5)
  config
  dotenv
  eth
  lightly
  mongo (~> 2)
  puma
  scale_rb (= 0.1.13)
  sinatra

BUNDLED WITH
   2.4.7
