GEM
  remote: https://rubygems.org/
  specs:
    base58 (0.2.3)
    blake2b_rs (0.1.4)
      ffi (~> 1.0)
      thermite (~> 0)
    ffi (1.15.5)
    minitar (0.9)
    mustermann (3.0.0)
      ruby2_keywords (~> 0.0.1)
    rack (2.2.6.4)
    rack-protection (3.0.5)
      rack
    rake (13.0.6)
    ruby2_keywords (0.0.5)
    scale_rb (0.1.9)
      base58
      blake2b_rs (~> 0.1.4)
      xxhash
    sinatra (3.0.5)
      mustermann (~> 3.0)
      rack (~> 2.2, >= 2.2.4)
      rack-protection (= 3.0.5)
      tilt (~> 2.0)
    thermite (0.13.0)
      minitar (~> 0.5)
      rake (>= 10)
      tomlrb (~> 1.2)
    tilt (2.1.0)
    tomlrb (1.3.0)
    xxhash (0.5.0)

PLATFORMS
  arm64-darwin-21
  ruby

DEPENDENCIES
  scale_rb (= 0.1.9)
  sinatra

BUNDLED WITH
   2.4.7
